GIT
  remote: https://github.com/sinatra/sinatra.git
  revision: d409069c73f181058bf0a5f9ec30d0b6d65a7c40
  branch: main
  specs:
    rack-protection (3.0.6)
      rack
    sinatra (3.0.6)
      mustermann (~> 3.0)
      rack (~> 2.2, >= 2.2.4)
      rack-protection (= 3.0.6)
      tilt (~> 2.0)
    sinatra-contrib (3.0.6)
      multi_json
      mustermann (~> 3.0)
      rack-protection (= 3.0.6)
      sinatra (= 3.0.6)
      tilt (~> 2.0)

GEM
  remote: https://rubygems.org/
  specs:
    activemodel (7.0.4.3)
      activesupport (= 7.0.4.3)
    activerecord (7.0.4.3)
      activemodel (= 7.0.4.3)
      activesupport (= 7.0.4.3)
    activesupport (7.0.4.3)
      concurrent-ruby (~> 1.0, >= 1.0.2)
      i18n (>= 1.6, < 2)
      minitest (>= 5.1)
      tzinfo (~> 2.0)
    bcrypt (3.1.18)
    concurrent-ruby (1.2.2)
    i18n (1.13.0)
      concurrent-ruby (~> 1.0)
    logger (1.5.3)
    mini_portile2 (2.8.2)
    minitest (5.13.0)
    multi_json (1.15.0)
    mustermann (3.0.0)
      ruby2_keywords (~> 0.0.1)
    rack (2.2.7)
    rake (13.0.6)
    ruby2_keywords (0.0.5)
    sinatra-activerecord (2.0.26)
      activerecord (>= 4.1)
      sinatra (>= 1.0)
    sinatra-formhelpers-ng (1.9.1)
    sqlite3 (1.6.2)
      mini_portile2 (~> 2.8.0)
    tilt (2.1.0)
    tzinfo (2.0.6)
      concurrent-ruby (~> 1.0)

PLATFORMS
  ruby

DEPENDENCIES
  bcrypt
  logger
  minitest (= 5.13.0)
  rake
  sinatra!
  sinatra-activerecord
  sinatra-contrib!
  sinatra-formhelpers-ng
  sqlite3

BUNDLED WITH
   2.1.4
